PATH
  remote: .
  specs:
    portable_move_notation (0.1.0)

GEM
  remote: https://rubygems.org/
  specs:
    ast (2.4.0)
    awesome_print (1.8.0)
    byebug (11.0.1)
    docile (1.3.2)
    jaro_winkler (1.5.3)
    json (2.2.0)
    parallel (1.17.0)
    parser (2.6.3.0)
      ast (~> 2.4.0)
    rainbow (3.0.0)
    rake (12.3.3)
    rubocop (0.74.0)
      jaro_winkler (~> 1.5.1)
      parallel (~> 1.10)
      parser (>= 2.6)
      rainbow (>= 2.2.2, < 4.0)
      ruby-progressbar (~> 1.7)
      unicode-display_width (>= 1.4.0, < 1.7)
    rubocop-performance (1.4.1)
      rubocop (>= 0.71.0)
    ruby-progressbar (1.10.1)
    simplecov (0.17.0)
      docile (~> 1.1)
      json (>= 1.8, < 3)
      simplecov-html (~> 0.10.0)
    simplecov-html (0.10.2)
    unicode-display_width (1.6.0)
    yard (0.9.20)

PLATFORMS
  ruby

DEPENDENCIES
  awesome_print
  bundler (~> 2.0)
  byebug
  portable_move_notation!
  rake (~> 12.3)
  rubocop (~> 0.72)
  rubocop-performance (~> 1.4)
  simplecov (~> 0.17)
  yard (~> 0.9)

RUBY VERSION
   ruby 2.6.3p62

BUNDLED WITH
   2.0.1
